GEM
  remote: https://rubygems.org/
  specs:
    activemodel (7.0.4.3)
      activesupport (= 7.0.4.3)
    activesupport (7.0.4.3)
      concurrent-ruby (~> 1.0, >= 1.0.2)
      i18n (>= 1.6, < 2)
      minitest (>= 5.1)
      tzinfo (~> 2.0)
    bson (4.15.0)
    concurrent-ruby (1.2.2)
    i18n (1.12.0)
      concurrent-ruby (~> 1.0)
    minitest (5.18.0)
    mongo (2.18.2)
      bson (>= 4.14.1, < 5.0.0)
    mongoid (8.0.3)
      activemodel (>= 5.1, < 7.1, != 7.0.0)
      mongo (>= 2.18.0, < 3.0.0)
      ruby2_keywords (~> 0.0.5)
    ruby2_keywords (0.0.5)
    shale (0.9.0)
    smarter_csv (1.8.3)
    tzinfo (2.0.6)
      concurrent-ruby (~> 1.0)

PLATFORMS
  x86_64-darwin-20

DEPENDENCIES
  mongo (~> 2)
  mongoid (~> 8.0.2)
  shale (~> 0.9.0)
  smarter_csv (~> 1.8, >= 1.8.3)

BUNDLED WITH
   2.3.3
