GEM
  remote: https://rubygems.org/
  specs:
    shale (0.9.0)
    smarter_csv (1.8.3)

PLATFORMS
  x86_64-darwin-20

DEPENDENCIES
  shale (~> 0.9.0)
  smarter_csv (~> 1.8, >= 1.8.3)

BUNDLED WITH
   2.3.3
