GEM
  remote: https://rubygems.org/
  specs:
    activemodel (7.0.4.3)
      activesupport (= 7.0.4.3)
    activesupport (7.0.4.3)
      concurrent-ruby (~> 1.0, >= 1.0.2)
      i18n (>= 1.6, < 2)
      minitest (>= 5.1)
      tzinfo (~> 2.0)
    bson (4.15.0)
    concurrent-ruby (1.2.2)
    debug (1.7.2)
      irb (>= 1.5.0)
      reline (>= 0.3.1)
    i18n (1.12.0)
      concurrent-ruby (~> 1.0)
    io-console (0.6.0)
    irb (1.6.4)
      reline (>= 0.3.0)
    minitest (5.18.0)
    money (6.16.0)
      i18n (>= 0.6.4, <= 2)
    mongo (2.18.2)
      bson (>= 4.14.1, < 5.0.0)
    mongoid (8.0.3)
      activemodel (>= 5.1, < 7.1, != 7.0.0)
      mongo (>= 2.18.0, < 3.0.0)
      ruby2_keywords (~> 0.0.5)
    reline (0.3.3)
      io-console (~> 0.5)
    ruby2_keywords (0.0.5)
    shale (0.9.0)
    smarter_csv (1.4.0)
    tzinfo (2.0.6)
      concurrent-ruby (~> 1.0)

PLATFORMS
  x86_64-darwin-20

DEPENDENCIES
  debug
  money (~> 6.16)
  mongo (~> 2)
  mongoid (~> 8.0.2)
  shale (~> 0.9.0)
  smarter_csv (= 1.4)

BUNDLED WITH
   2.3.3
